GEM
  remote: http://rubygems.org/
  specs:
    rack (1.5.0)
    sinatra (1.2.8)
      rack (~> 1.1)
      tilt (>= 1.2.2, < 2.0)
    tilt (1.3.3)

PLATFORMS
  x86-mingw32

DEPENDENCIES
  sinatra (~> 1.2.3)
